GEM
  remote: https://rubygems.org/
  specs:
    coderay (1.1.3)
    concurrent-ruby (1.2.2)
    faker (3.2.0)
      i18n (>= 1.8.11, < 2)
    httparty (0.21.0)
      mini_mime (>= 1.0.0)
      multi_xml (>= 0.5.2)
    i18n (1.14.1)
      concurrent-ruby (~> 1.0)
    interception (0.5)
    method_source (1.0.0)
    mini_mime (1.1.5)
    multi_xml (0.6.0)
    pry (0.14.2)
      coderay (~> 1.1)
      method_source (~> 1.0)
    pry-rescue (1.5.2)
      interception (>= 0.5)
      pry (>= 0.12.0)

PLATFORMS
  x86_64-darwin-21

DEPENDENCIES
  faker (~> 3.2.0)
  httparty
  pry (~> 0.14.1, ~> 0.14)
  pry-rescue (~> 1.5)

BUNDLED WITH
   2.4.12
